GEM
  remote: https://rubygems.org/
  specs:
    rack (2.2.3)
    ruby_on_sails (0.1.0)
      rack

PLATFORMS
  x86_64-linux

DEPENDENCIES
  ruby_on_sails

BUNDLED WITH
   2.2.11
